GEM
  remote: http://rubygems.org/
  specs:
    RedCloth (4.2.2)
    actionmailer (2.3.14)
      actionpack (= 2.3.14)
    actionpack (2.3.14)
      activesupport (= 2.3.14)
      rack (~> 1.1.0)
    activerecord (2.3.14)
      activesupport (= 2.3.14)
    activeresource (2.3.14)
      activesupport (= 2.3.14)
    activesupport (2.3.14)
    authlogic (2.1.3)
      activesupport
    builder (2.1.2)
    cucumber (0.8.5)
      builder (~> 2.1.2)
      diff-lcs (~> 1.1.2)
      gherkin (~> 2.1.4)
      json_pure (~> 1.4.3)
      term-ansicolor (~> 1.0.4)
    declarative_authorization (0.5)
      rails (>= 2.1.0)
    diff-lcs (1.1.3)
    gherkin (2.1.5)
      trollop (~> 1.16.2)
    json (1.7.5)
    json_pure (1.4.6)
    newrelic_rpm (2.12.1)
    nokogiri (1.4.1)
    pg (0.14.1)
    rack (1.1.0)
    rails (2.3.14)
      actionmailer (= 2.3.14)
      actionpack (= 2.3.14)
      activerecord (= 2.3.14)
      activeresource (= 2.3.14)
      activesupport (= 2.3.14)
      rake (>= 0.8.3)
    rake (0.9.2.2)
    rcov (1.0.0)
    rdoc (3.12)
      json (~> 1.4)
    rdoc-data (3.12)
      rdoc (> 2.5, < 4.0)
    reek (1.2.8)
      ruby2ruby (~> 1.2)
      ruby_parser (~> 2.0)
      sexp_processor (~> 3.0)
    roodi (2.0.1)
      ruby_parser
    rspec (1.3.0)
    rspec-rails (1.3.2)
      rack (>= 1.0.0)
      rspec (>= 1.3.0)
    ruby2ruby (1.3.1)
      ruby_parser (~> 2.0)
      sexp_processor (~> 3.0)
    ruby_parser (2.3.1)
      sexp_processor (~> 3.0)
    rubyzip (0.9.1)
    sexp_processor (3.2.0)
    term-ansicolor (1.0.7)
    trollop (1.16.2)
    will_paginate (2.3.11)

PLATFORMS
  ruby

DEPENDENCIES
  RedCloth (= 4.2.2)
  authlogic (= 2.1.3)
  cucumber (= 0.8.5)
  declarative_authorization (= 0.5)
  newrelic_rpm (= 2.12.1)
  nokogiri (= 1.4.1)
  pg (= 0.14.1)
  rack (= 1.1.0)
  rails (= 2.3.14)
  rake (= 0.9.2.2)
  rcov
  rdoc (= 3.12)
  rdoc-data (= 3.12)
  reek (= 1.2.8)
  roodi (= 2.0.1)
  rspec (= 1.3.0)
  rspec-rails (= 1.3.2)
  rubyzip (= 0.9.1)
  term-ansicolor
  will_paginate (= 2.3.11)
