GEM
  remote: http://rubygems.org/
  specs:
    RedCloth (4.2.2)
    actionmailer (2.3.8)
      actionpack (= 2.3.8)
    actionpack (2.3.8)
      activesupport (= 2.3.8)
      rack (~> 1.1.0)
    activerecord (2.3.8)
      activesupport (= 2.3.8)
    activeresource (2.3.8)
      activesupport (= 2.3.8)
    activesupport (2.3.8)
    authlogic (2.1.3)
      activesupport
    builder (2.1.2)
    cucumber (0.5.1)
      builder (>= 2.1.2)
      diff-lcs (>= 1.1.2)
      polyglot (>= 0.2.9)
      term-ansicolor (>= 1.0.4)
      treetop (>= 1.4.2)
    declarative_authorization (0.4)
      rails (>= 2.1.0)
    diff-lcs (1.1.2)
    nokogiri (1.4.1)
    pg (0.8.0)
    polyglot (0.3.1)
    rack (1.1.0)
    rails (2.3.8)
      actionmailer (= 2.3.8)
      actionpack (= 2.3.8)
      activerecord (= 2.3.8)
      activeresource (= 2.3.8)
      activesupport (= 2.3.8)
      rake (>= 0.8.3)
    rake (0.8.7)
    rcov (0.9.8)
    reek (1.2.8)
      ruby2ruby (~> 1.2)
      ruby_parser (~> 2.0)
      sexp_processor (~> 3.0)
    roodi (2.0.1)
      ruby_parser
    rspec (1.3.0)
    rspec-rails (1.3.2)
      rack (>= 1.0.0)
      rspec (>= 1.3.0)
    ruby2ruby (1.2.5)
      ruby_parser (~> 2.0)
      sexp_processor (~> 3.0)
    ruby_parser (2.0.5)
      sexp_processor (~> 3.0)
    rubyzip (0.9.1)
    sexp_processor (3.0.5)
    term-ansicolor (1.0.5)
    treetop (1.4.8)
      polyglot (>= 0.3.1)
    will_paginate (2.3.11)

PLATFORMS
  ruby

DEPENDENCIES
  RedCloth (= 4.2.2)
  authlogic (= 2.1.3)
  cucumber (= 0.5.1)
  declarative_authorization (= 0.4)
  nokogiri (= 1.4.1)
  pg (= 0.8.0)
  rack (= 1.1.0)
  rails (= 2.3.8)
  rcov
  reek (= 1.2.8)
  roodi (= 2.0.1)
  rspec (= 1.3.0)
  rspec-rails (= 1.3.2)
  rubyzip (= 0.9.1)
  term-ansicolor
  will_paginate (= 2.3.11)
